PATH
  remote: .
  specs:
    monit (0.0.1)
      crack (~> 0.1.8)
      curb (~> 0.7.8)

GEM
  remote: http://rubygems.org/
  specs:
    awesome_print (0.2.1)
    crack (0.1.8)
    curb (0.7.8)

PLATFORMS
  ruby

DEPENDENCIES
  awesome_print
  bundler (~> 1.0.0)
  crack (~> 0.1.8)
  curb (~> 0.7.8)
  monit!
