PATH
  remote: .
  specs:
    monit (0.1.2)
      crack (~> 0.1.8)
      curb (~> 0.7.8)

GEM
  remote: http://rubygems.org/
  specs:
    awesome_print (0.2.1)
    crack (0.1.8)
    curb (0.7.8)
    diff-lcs (1.1.3)
    rake (0.8.7)
    rspec (2.9.0)
      rspec-core (~> 2.9.0)
      rspec-expectations (~> 2.9.0)
      rspec-mocks (~> 2.9.0)
    rspec-core (2.9.0)
    rspec-expectations (2.9.0)
      diff-lcs (~> 1.1.3)
    rspec-mocks (2.9.0)

PLATFORMS
  ruby

DEPENDENCIES
  awesome_print
  monit!
  rake
  rspec (~> 2.9.0)
