PATH
  remote: .
  specs:
    monit (0.1.2)
      crack (~> 0.3.1)
      jruby-openssl (~> 0.7.6.1)

GEM
  remote: http://rubygems.org/
  specs:
    bouncy-castle-java (1.5.0146.1)
    crack (0.3.1)
    diff-lcs (1.1.3)
    jruby-openssl (0.7.6.1)
      bouncy-castle-java (>= 1.5.0146.1)
    rake (0.8.7)
    rspec (2.9.0)
      rspec-core (~> 2.9.0)
      rspec-expectations (~> 2.9.0)
      rspec-mocks (~> 2.9.0)
    rspec-core (2.9.0)
    rspec-expectations (2.9.0)
      diff-lcs (~> 1.1.3)
    rspec-mocks (2.9.0)

PLATFORMS
  java
  ruby

DEPENDENCIES
  bundler
  monit!
  rake
  rspec (~> 2.9.0)
